GEM
  remote: https://rubygems.org/
  specs:
    ffi (1.9.13)
    matrix (0.0.1)
    natto (1.1.1)
      ffi (>= 1.9.0)

PLATFORMS
  ruby

DEPENDENCIES
  matrix
  natto

BUNDLED WITH
   1.12.5
